PATH
  remote: .
  specs:
    lineup (0.2.1)
      chunky_png (~> 1.3)
      dimensions (~> 1.3)
      headless (~> 0.1)
      oily_png (~> 1.2)
      pxdoppelganger (~> 0.1)
      rspec (~> 3.2)
      selenium-webdriver (~> 2.46)
      watir (~> 5.0)
      watir-webdriver (~> 0.8)

GEM
  remote: https://rubygems.org/
  specs:
    childprocess (0.5.9)
      ffi (~> 1.0, >= 1.0.11)
    chunky_png (1.3.5)
    commonwatir (4.0.0)
    diff-lcs (1.2.5)
    dimensions (1.3.0)
    ffi (1.9.10)
    headless (0.3.1)
    multi_json (1.11.2)
    oily_png (1.2.0)
      chunky_png (~> 1.3.1)
    pxdoppelganger (0.1.1)
    rspec (3.4.0)
      rspec-core (~> 3.4.0)
      rspec-expectations (~> 3.4.0)
      rspec-mocks (~> 3.4.0)
    rspec-core (3.4.2)
      rspec-support (~> 3.4.0)
    rspec-expectations (3.4.0)
      diff-lcs (>= 1.2.0, < 2.0)
      rspec-support (~> 3.4.0)
    rspec-mocks (3.4.1)
      diff-lcs (>= 1.2.0, < 2.0)
      rspec-support (~> 3.4.0)
    rspec-support (3.4.1)
    rubyzip (1.1.7)
    selenium-webdriver (2.50.0)
      childprocess (~> 0.5)
      multi_json (~> 1.0)
      rubyzip (~> 1.0)
      websocket (~> 1.0)
    watir (5.0.0)
      commonwatir (~> 4)
      watir-webdriver
    watir-webdriver (0.9.1)
      selenium-webdriver (>= 2.46.2)
    websocket (1.2.2)

PLATFORMS
  ruby

DEPENDENCIES
  dimensions
  headless
  lineup!
  oily_png
  pxdoppelganger (= 0.1.1)
  rspec
  selenium-webdriver
  watir
  watir-webdriver

BUNDLED WITH
   1.11.2
